GIT
  remote: git://github.com/rutan/ruboty-twitter.git
  revision: 26e2a034d6695953d0542942167755b2cf91cadb
  branch: add_retweet_status
  specs:
    ruboty-twitter (0.0.8)
      activesupport
      mem
      ruboty
      twitter (>= 5.0.0)

PATH
  remote: ./plugins/ruboty-igudhizu
  specs:
    ruboty-igudhizu (0.0.1)
      mongoid (~> 5.0.0)
      okura (~> 0.0.1)
      ruboty (~> 1.2.1)

GEM
  remote: https://rubygems.org/
  specs:
    activemodel (4.2.5)
      activesupport (= 4.2.5)
      builder (~> 3.1)
    activesupport (4.2.5)
      i18n (~> 0.7)
      json (~> 1.7, >= 1.7.7)
      minitest (~> 5.1)
      thread_safe (~> 0.3, >= 0.3.4)
      tzinfo (~> 1.1)
    addressable (2.3.8)
    bson (3.2.6)
    buftok (0.2.0)
    builder (3.2.2)
    dotenv (2.0.2)
    equalizer (0.0.11)
    faraday (0.9.2)
      multipart-post (>= 1.2, < 3)
    http (0.6.4)
      http_parser.rb (~> 0.6.0)
    http_parser.rb (0.6.0)
    i18n (0.7.0)
    json (1.8.3)
    mem (0.1.5)
    memoizable (0.4.2)
      thread_safe (~> 0.3, >= 0.3.1)
    minitest (5.8.3)
    mongo (2.1.2)
      bson (~> 3.0)
    mongoid (5.0.1)
      activemodel (~> 4.0)
      mongo (~> 2.1)
      origin (~> 2.1)
      tzinfo (>= 0.3.37)
    multipart-post (2.0.0)
    naught (1.1.0)
    okura (0.0.1)
    origin (2.1.1)
    ruboty (1.2.2)
      activesupport
      bundler
      dotenv
      mem
      slop
    simple_oauth (0.3.1)
    slop (4.2.0)
    thread_safe (0.3.5)
    twitter (5.14.0)
      addressable (~> 2.3)
      buftok (~> 0.2.0)
      equalizer (~> 0.0.9)
      faraday (~> 0.9.0)
      http (~> 0.6.0)
      http_parser.rb (~> 0.6.0)
      json (~> 1.8)
      memoizable (~> 0.4.0)
      naught (~> 1.0)
      simple_oauth (~> 0.3.0)
    tzinfo (1.2.2)
      thread_safe (~> 0.1)

PLATFORMS
  ruby

DEPENDENCIES
  ruboty
  ruboty-igudhizu!
  ruboty-twitter!
  twitter (= 5.14.0)

BUNDLED WITH
   1.10.6
